PATH
  remote: .
  specs:
    typ-formatter (0.1.2)
      awesome_print (~> 1.9.2)
      rainbow (~> 3.1.1)
      string-indent (~> 0.0.1)
      typ (>= 0.1.2)

GEM
  remote: https://rubygems.org/
  specs:
    awesome_print (1.9.2)
    bgem (0.1.1)
      string-indent (~> 0.0.1)
    diff-lcs (1.5.0)
    ffi (1.16.3)
    listen (3.8.0)
      rb-fsevent (~> 0.10, >= 0.10.3)
      rb-inotify (~> 0.9, >= 0.9.10)
    power_assert (2.0.3)
    rainbow (3.1.1)
    rake (13.0.6)
    rb-fsevent (0.11.2)
    rb-inotify (0.10.1)
      ffi (~> 1.0)
    rerun (0.14.0)
      listen (~> 3.0)
    rspec (3.12.0)
      rspec-core (~> 3.12.0)
      rspec-expectations (~> 3.12.0)
      rspec-mocks (~> 3.12.0)
    rspec-core (3.12.2)
      rspec-support (~> 3.12.0)
    rspec-expectations (3.12.3)
      diff-lcs (>= 1.2.0, < 2.0)
      rspec-support (~> 3.12.0)
    rspec-mocks (3.12.6)
      diff-lcs (>= 1.2.0, < 2.0)
      rspec-support (~> 3.12.0)
    rspec-power_assert (1.2.0)
      power_assert (~> 2.0)
      rspec (>= 2.14)
    rspec-support (3.12.1)
    string-indent (0.0.1)
    typ (0.1.3)

PLATFORMS
  x86_64-linux

DEPENDENCIES
  awesome_print
  bgem (>= 0.1.1)
  rake
  rerun
  rspec
  rspec-power_assert
  typ-formatter!

BUNDLED WITH
   2.4.21
