PATH
  remote: .
  specs:
    typ-formatter (0.1.1)
      awesome_print
      rainbow
      string-indent
      typ (>= 0.1.1)

GEM
  remote: https://rubygems.org/
  specs:
    awesome_print (1.9.2)
    bgem (0.0.13)
      string-indent (~> 0.0.1)
    coderay (1.1.3)
    diff-lcs (1.5.0)
    ffi (1.15.5)
    listen (3.8.0)
      rb-fsevent (~> 0.10, >= 0.10.3)
      rb-inotify (~> 0.9, >= 0.9.10)
    method_source (1.0.0)
    power_assert (2.0.3)
    pry (0.14.2)
      coderay (~> 1.1)
      method_source (~> 1.0)
    rainbow (3.1.1)
    rake (13.0.6)
    rb-fsevent (0.11.2)
    rb-inotify (0.10.1)
      ffi (~> 1.0)
    rerun (0.14.0)
      listen (~> 3.0)
    rspec (3.12.0)
      rspec-core (~> 3.12.0)
      rspec-expectations (~> 3.12.0)
      rspec-mocks (~> 3.12.0)
    rspec-core (3.12.2)
      rspec-support (~> 3.12.0)
    rspec-expectations (3.12.3)
      diff-lcs (>= 1.2.0, < 2.0)
      rspec-support (~> 3.12.0)
    rspec-mocks (3.12.6)
      diff-lcs (>= 1.2.0, < 2.0)
      rspec-support (~> 3.12.0)
    rspec-power_assert (1.2.0)
      power_assert (~> 2.0)
      rspec (>= 2.14)
    rspec-support (3.12.1)
    string-indent (0.0.1)
    typ (0.1.1)

PLATFORMS
  x86_64-linux

DEPENDENCIES
  awesome_print
  bgem (>= 0.0.10)
  pry
  rake
  rerun
  rspec
  rspec-power_assert
  typ
  typ-formatter!

BUNDLED WITH
   2.4.15
